GIT
  remote: git://github.com/drapergem/draper.git
  revision: 4b4f392826c439f95f3c9c8b790418e52d0e2212
  branch: rails-5
  specs:
    draper (2.1.0)
      actionpack (> 5.x)
      activemodel (> 5.x)
      activemodel-serializers-xml
      activesupport (> 5.x)
      request_store (~> 1.0)

GEM
  remote: https://rubygems.org/
  specs:
    actioncable (5.0.0.rc1)
      actionpack (= 5.0.0.rc1)
      nio4r (~> 1.2)
      websocket-driver (~> 0.6.1)
    actionmailer (5.0.0.rc1)
      actionpack (= 5.0.0.rc1)
      actionview (= 5.0.0.rc1)
      activejob (= 5.0.0.rc1)
      mail (~> 2.5, >= 2.5.4)
      rails-dom-testing (~> 1.0, >= 1.0.5)
    actionpack (5.0.0.rc1)
      actionview (= 5.0.0.rc1)
      activesupport (= 5.0.0.rc1)
      rack (~> 2.x)
      rack-test (~> 0.6.3)
      rails-dom-testing (~> 1.0, >= 1.0.5)
      rails-html-sanitizer (~> 1.0, >= 1.0.2)
    actionview (5.0.0.rc1)
      activesupport (= 5.0.0.rc1)
      builder (~> 3.1)
      erubis (~> 2.7.0)
      rails-dom-testing (~> 1.0, >= 1.0.5)
      rails-html-sanitizer (~> 1.0, >= 1.0.2)
    activejob (5.0.0.rc1)
      activesupport (= 5.0.0.rc1)
      globalid (>= 0.3.6)
    activemodel (5.0.0.rc1)
      activesupport (= 5.0.0.rc1)
    activemodel-serializers-xml (1.0.1)
      activemodel (> 5.x)
      activerecord (> 5.x)
      activesupport (> 5.x)
      builder (~> 3.1)
    activerecord (5.0.0.rc1)
      activemodel (= 5.0.0.rc1)
      activesupport (= 5.0.0.rc1)
      arel (~> 7.0)
    activesupport (5.0.0.rc1)
      concurrent-ruby (~> 1.0, >= 1.0.2)
      i18n (~> 0.7)
      minitest (~> 5.1)
      tzinfo (~> 1.1)
    addressable (2.4.0)
    annotate (2.7.1)
      activerecord (>= 3.2, < 6.0)
      rake (>= 10.4, < 12.0)
    arel (7.0.0)
    ast (2.3.0)
    autoprefixer-rails (6.3.6.2)
      execjs
    awesome_print (1.7.0)
    better_errors (2.1.1)
      coderay (>= 1.0.0)
      erubis (>= 2.6.6)
      rack (>= 0.9.0)
    binding_of_caller (0.7.2)
      debug_inspector (>= 0.0.1)
    bootstrap-sass (3.3.6)
      autoprefixer-rails (>= 5.2.1)
      sass (>= 3.3.4)
    bootstrap-sass-extras (0.0.7)
      rails (>= 3.1.0)
    bootstrap_form (2.3.0)
    builder (3.2.2)
    bullet (5.1.0)
      activesupport (>= 3.0.0)
      uniform_notifier (~> 1.10.0)
    byebug (9.0.5)
    callsite (0.0.11)
    capybara (2.7.1)
      addressable
      mime-types (>= 1.16)
      nokogiri (>= 1.3.3)
      rack (>= 1.0.0)
      rack-test (>= 0.5.4)
      xpath (~> 2.0)
    charlock_holmes (0.7.3)
    coderay (1.1.1)
    coffee-rails (4.1.1)
      coffee-script (>= 2.2.0)
      railties (>= 4.0.0, < 5.1.x)
    coffee-script (2.4.1)
      coffee-script-source
      execjs
    coffee-script-source (1.10.0)
    concurrent-ruby (1.0.2)
    coolline (0.5.0)
      unicode_utils (~> 1.4)
    crass (1.0.2)
    dalli (2.7.6)
    debug_inspector (0.0.2)
    erubis (2.7.0)
    escape_utils (1.1.1)
    execjs (2.7.0)
    faraday (0.9.2)
      multipart-post (>= 1.2, < 3)
    ffi (1.9.10)
    font-awesome-rails (4.6.3.0)
      railties (>= 3.2, < 5.1)
    formatador (0.2.5)
    gemoji (2.1.0)
    github-linguist (4.8.6)
      charlock_holmes (~> 0.7.3)
      escape_utils (~> 1.1.0)
      mime-types (>= 1.19)
      rugged (>= 0.23.0b)
    globalid (0.3.6)
      activesupport (>= 4.1.0)
    greenmat (3.2.2.1)
    guard (2.14.0)
      formatador (>= 0.2.4)
      listen (>= 2.7, < 4.0)
      lumberjack (~> 1.0)
      nenv (~> 0.1)
      notiffany (~> 0.0)
      pry (>= 0.9.12)
      shellany (~> 0.0)
      thor (>= 0.18.1)
    guard-bundler (2.1.0)
      bundler (~> 1.0)
      guard (~> 2.2)
      guard-compat (~> 1.1)
    guard-compat (1.2.1)
    guard-minitest (2.4.5)
      guard-compat (~> 1.2)
      minitest (>= 3.0)
    hashie (3.4.4)
    hirb (0.7.3)
    hirb-unicode (0.0.5)
      hirb (~> 0.5)
      unicode-display_width (~> 0.1.1)
    html-pipeline (2.4.1)
      activesupport (>= 2, < 5)
      nokogiri (>= 1.4)
    i18n (0.7.0)
    jquery-rails (4.1.1)
      rails-dom-testing (>= 1, < 3)
      railties (>= 4.2.0)
      thor (>= 0.14, < 2.0)
    json (1.8.3)
    jwt (1.5.1)
    listen (3.0.8)
      rb-fsevent (~> 0.9, >= 0.9.4)
      rb-inotify (~> 0.9, >= 0.9.7)
    loofah (2.0.3)
      nokogiri (>= 1.5.9)
    lumberjack (1.0.10)
    mail (2.6.4)
      mime-types (>= 1.16, < 4)
    mem (0.1.5)
    meta_request (0.4.0)
      callsite (~> 0.0, >= 0.0.11)
      rack-contrib (~> 1.1)
      railties (>= 3.0.0, < 5.1.0)
    method_source (0.8.2)
    mime-types (3.1)
      mime-types-data (~> 3.2015)
    mime-types-data (3.2016.0521)
    mini_portile2 (2.1.0)
    minitest (5.9.0)
    minitest-bang (1.0.4)
      minitest (>= 4.7.5)
    minitest-power_assert (0.2.0)
      minitest
      power_assert
    minitest-rails (3.0.0.rc1)
      minitest (~> 5.8)
      railties (~> 5.0.0.rc1)
    minitest-rails-capybara (0.0.2)
      capybara
      minitest-rails
    minitest-stub_any_instance (1.0.1)
    multi_json (1.12.1)
    multi_xml (0.5.5)
    multipart-post (2.0.0)
    nenv (0.3.0)
    nio4r (1.2.1)
    nokogiri (1.6.8)
      mini_portile2 (~> 2.1.0)
      pkg-config (~> 1.1.7)
    nokogumbo (1.4.7)
      nokogiri
    notiffany (0.1.0)
      nenv (~> 0.1)
      shellany (~> 0.0)
    oauth2 (1.1.0)
      faraday (>= 0.8, < 0.10)
      jwt (~> 1.0, < 1.5.2)
      multi_json (~> 1.3)
      multi_xml (~> 0.5)
      rack (>= 1.2, < 3)
    omniauth (1.3.1)
      hashie (>= 1.2, < 4)
      rack (>= 1.0, < 3)
    omniauth-oauth2 (1.3.1)
      oauth2 (~> 1.0)
      omniauth (~> 1.2)
    omniauth-slack (2.3.0)
      omniauth-oauth2 (~> 1.3.1)
    parser (2.3.1.2)
      ast (~> 2.2)
    pg (0.18.4)
    pkg-config (1.1.7)
    posix-spawn (0.3.11)
    power_assert (0.3.0)
    powerpack (0.1.1)
    pry (0.10.3)
      coderay (~> 1.1.0)
      method_source (~> 0.8.1)
      slop (~> 3.4)
    pry-byebug (3.4.0)
      byebug (~> 9.0)
      pry (~> 0.10)
    pry-coolline (0.2.5)
      coolline (~> 0.5)
    pry-doc (0.8.0)
      pry (~> 0.9)
      yard (~> 0.8)
    pry-rails (0.3.4)
      pry (>= 0.9.10)
    puma (3.4.0)
    pygments.rb (0.6.3)
      posix-spawn (~> 0.3.6)
      yajl-ruby (~> 1.2.0)
    qiita-markdown (0.12.0)
      gemoji
      github-linguist (~> 4.0)
      greenmat (>= 3.2.0.2, < 4)
      html-pipeline (~> 2.0)
      mem
      pygments.rb
      sanitize
    quiet_assets (1.1.0)
      railties (>= 3.1, < 5.0)
    rack (2.0.0.rc1)
      json
    rack-contrib (1.2.0)
      rack (>= 0.9.1)
    rack-mini-profiler (0.10.1)
      rack (>= 1.2.0)
    rack-test (0.6.3)
      rack (>= 1.0)
    rack-utf8_sanitizer (1.3.2)
      rack (>= 1.0, < 3.0)
    rails (5.0.0.rc1)
      actioncable (= 5.0.0.rc1)
      actionmailer (= 5.0.0.rc1)
      actionpack (= 5.0.0.rc1)
      actionview (= 5.0.0.rc1)
      activejob (= 5.0.0.rc1)
      activemodel (= 5.0.0.rc1)
      activerecord (= 5.0.0.rc1)
      activesupport (= 5.0.0.rc1)
      bundler (>= 1.3.0, < 2.0)
      railties (= 5.0.0.rc1)
      sprockets-rails (>= 2.0.0)
    rails-deprecated_sanitizer (1.0.3)
      activesupport (>= 4.2.0.alpha)
    rails-dom-testing (1.0.7)
      activesupport (>= 4.2.0.beta, < 5.0)
      nokogiri (~> 1.6.0)
      rails-deprecated_sanitizer (>= 1.0.1)
    rails-html-sanitizer (1.0.3)
      loofah (~> 2.0)
    rails_12factor (0.0.3)
      rails_serve_static_assets
      rails_stdout_logging
    rails_serve_static_assets (0.0.5)
    rails_stdout_logging (0.0.5)
    railties (5.0.0.rc1)
      actionpack (= 5.0.0.rc1)
      activesupport (= 5.0.0.rc1)
      method_source
      rake (>= 0.8.7)
      thor (>= 0.18.1, < 2.0)
    rainbow (2.1.0)
    rake (11.2.0)
    rb-fsevent (0.9.7)
    rb-inotify (0.9.7)
      ffi (>= 0.5.0)
    request_store (1.3.1)
    rubocop (0.36.0)
      parser (>= 2.3.0.0, < 3.0)
      powerpack (~> 0.1)
      rainbow (>= 1.99.1, < 3.0)
      ruby-progressbar (~> 1.7)
    ruby-progressbar (1.8.1)
    rugged (0.25.0b4)
    sanitize (4.0.1)
      crass (~> 1.0.2)
      nokogiri (>= 1.4.4)
      nokogumbo (~> 1.4.1)
    sass (3.4.22)
    sassc (1.9.0)
      bundler
      ffi (~> 1.9.6)
      sass (>= 3.3.0)
    sassc-rails (1.2.1)
      railties (>= 4.0.0)
      sass
      sassc (~> 1.9)
      sprockets (> 2.11)
      sprockets-rails
      tilt
    shellany (0.0.1)
    slim (3.0.7)
      temple (~> 0.7.6)
      tilt (>= 1.3.3, < 2.1)
    slim-rails (3.1.0)
      actionpack (>= 3.1)
      railties (>= 3.1)
      slim (~> 3.0)
    slop (3.6.0)
    spring (1.7.1)
    spring-watcher-listen (2.0.0)
      listen (>= 2.7, < 4.0)
      spring (~> 1.2)
    sprockets (3.6.0)
      concurrent-ruby (~> 1.0)
      rack (> 1, < 3)
    sprockets-rails (3.0.4)
      actionpack (>= 4.0)
      activesupport (>= 4.0)
      sprockets (>= 3.0.0)
    sqlite3 (1.3.11)
    temple (0.7.7)
    thor (0.19.1)
    thread_safe (0.3.5)
    tilt (2.0.5)
    tzinfo (1.2.2)
      thread_safe (~> 0.1)
    uglifier (3.0.0)
      execjs (>= 0.3.0, < 3)
    unicode-display_width (0.1.1)
    unicode_utils (1.4.0)
    uniform_notifier (1.10.0)
    websocket-driver (0.6.4)
      websocket-extensions (>= 0.1.0)
    websocket-extensions (0.1.2)
    xpath (2.0.0)
      nokogiri (~> 1.3)
    yajl-ruby (1.2.1)
    yard (0.8.7.6)

PLATFORMS
  ruby

DEPENDENCIES
  activemodel-serializers-xml
  annotate
  awesome_print
  better_errors
  binding_of_caller
  bootstrap-sass
  bootstrap-sass-extras
  bootstrap_form
  bullet
  coffee-rails (~> 4.1.0)
  dalli
  draper!
  font-awesome-rails
  guard
  guard-bundler
  guard-minitest
  hirb
  hirb-unicode
  jquery-rails
  listen (~> 3.0.5)
  meta_request
  minitest-bang
  minitest-power_assert
  minitest-rails (= 3.0.0.rc1)
  minitest-rails-capybara
  minitest-stub_any_instance
  omniauth
  omniauth-slack
  pg
  pry-byebug
  pry-coolline
  pry-doc
  pry-rails
  puma (~> 3.0)
  qiita-markdown
  quiet_assets
  rack-mini-profiler
  rack-utf8_sanitizer
  rails (>= 5.0.0.rc1, < 5.1)
  rails_12factor
  rubocop
  sassc-rails
  slim-rails
  spring
  spring-watcher-listen (~> 2.0.0)
  sqlite3
  tzinfo-data
  uglifier (>= 1.3.0)

RUBY VERSION
   ruby 2.3.1p112

BUNDLED WITH
   1.12.5
